GEM
  remote: https://rubygems.org/
  specs:
    activesupport (5.1.2)
      concurrent-ruby (~> 1.0, >= 1.0.2)
      i18n (~> 0.7)
      minitest (~> 5.1)
      tzinfo (~> 1.1)
    concurrent-ruby (1.0.5)
    diff-lcs (1.3)
    git (1.3.0)
    hamster (3.0.0)
      concurrent-ruby (~> 1.0)
    hiera (3.4.0)
    i18n (0.8.4)
    lino (1.1.0)
      hamster (~> 3.0)
      open4 (~> 1.3)
    minitar (0.6.1)
    minitest (5.10.2)
    net-ssh (4.1.0)
    netaddr (1.5.1)
    open4 (1.3.4)
    rake (11.3.0)
    rake_dependencies (0.15.1)
      hamster (~> 3.0)
      minitar (~> 0.6)
      rubyzip (~> 1.1)
    rake_terraform (0.10.0)
      rake_dependencies (~> 0.15)
      ruby-terraform (~> 0.7)
    rspec (3.6.0)
      rspec-core (~> 3.6.0)
      rspec-expectations (~> 3.6.0)
      rspec-mocks (~> 3.6.0)
    rspec-core (3.6.0)
      rspec-support (~> 3.6.0)
    rspec-expectations (3.6.0)
      diff-lcs (>= 1.2.0, < 2.0)
      rspec-support (~> 3.6.0)
    rspec-mocks (3.6.0)
      diff-lcs (>= 1.2.0, < 2.0)
      rspec-support (~> 3.6.0)
    rspec-support (3.6.0)
    ruby-terraform (0.8.0)
      lino (~> 1.1)
    rubyzip (1.2.1)
    semantic (1.6.0)
    thread_safe (0.3.6)
    tzinfo (1.2.3)
      thread_safe (~> 0.1)

PLATFORMS
  ruby

DEPENDENCIES
  activesupport (~> 5.1, >= 5.1.1)
  git (~> 1.3)
  hiera (~> 3.3, >= 3.3.1)
  lino (~> 1.1)
  net-ssh (~> 4.0)
  netaddr (~> 1.5)
  rake (~> 11.2)
  rake_dependencies (~> 0.15)
  rake_terraform (~> 0.10)
  rspec (~> 3.0)
  semantic (~> 1.6)

BUNDLED WITH
   1.15.1
