GEM
  remote: https://rubygems.org/
  specs:
    activesupport (5.1.3)
      concurrent-ruby (~> 1.0, >= 1.0.2)
      i18n (~> 0.7)
      minitest (~> 5.1)
      tzinfo (~> 1.1)
    concurrent-ruby (1.0.5)
    hamster (3.0.0)
      concurrent-ruby (~> 1.0)
    hiera (3.4.0)
    i18n (0.8.6)
    lino (1.1.0)
      hamster (~> 3.0)
      open4 (~> 1.3)
    minitar (0.6.1)
    minitest (5.10.3)
    open4 (1.3.4)
    rake (11.3.0)
    rake_dependencies (0.15.1)
      hamster (~> 3.0)
      minitar (~> 0.6)
      rubyzip (~> 1.1)
    rake_terraform (0.13.0)
      rake_dependencies (~> 0.15)
      ruby-terraform (~> 0.9)
    ruby-terraform (0.9.0)
      lino (~> 1.1)
    rubyzip (1.2.1)
    thread_safe (0.3.6)
    tzinfo (1.2.3)
      thread_safe (~> 0.1)

PLATFORMS
  ruby

DEPENDENCIES
  activesupport (~> 5.1, >= 5.1.1)
  hiera (~> 3.3, >= 3.3.1)
  rake (~> 11.2)
  rake_terraform (~> 0.13)

BUNDLED WITH
   1.15.4
